PATH
  remote: .
  specs:
    dapp (0.10.0)
      excon (>= 0.45.4, < 1.0)
      i18n (~> 0.7)
      inifile (~> 3.0.0)
      mixlib-cli (>= 1.0, < 3.0)
      mixlib-shellout (>= 1.0, < 3.0)
      murmurhash3 (~> 0.1.6)
      net_status (>= 0.1.2, < 1.0)
      paint (~> 1.0, >= 1.0.1)
      rugged (~> 0.24.0)

GEM
  remote: https://rubygems.org/
  specs:
    activesupport (4.2.8)
      i18n (~> 0.7)
      minitest (~> 5.1)
      thread_safe (~> 0.3, >= 0.3.4)
      tzinfo (~> 1.1)
    addressable (2.4.0)
    ast (2.3.0)
    backports (3.6.8)
    binding_of_caller (0.7.2)
      debug_inspector (>= 0.0.1)
    codeclimate-test-reporter (0.6.0)
      simplecov (>= 0.7.1, < 1.0.0)
    coderay (1.1.1)
    debug_inspector (0.0.2)
    diff-lcs (1.3)
    docile (1.1.5)
    ethon (0.10.1)
      ffi (>= 1.3.0)
    excon (0.55.0)
    faraday (0.11.0)
      multipart-post (>= 1.2, < 3)
    faraday_middleware (0.11.0.1)
      faraday (>= 0.7.4, < 1.0)
    ffi (1.9.17)
    gh (0.15.0)
      addressable (~> 2.4.0)
      backports
      faraday (~> 0.8)
      multi_json (~> 1.0)
      net-http-persistent (~> 2.9)
      net-http-pipeline
    highline (1.7.8)
    i18n (0.8.1)
    inifile (3.0.0)
    json (2.0.3)
    launchy (2.4.3)
      addressable (~> 2.3)
    method_source (0.8.2)
    minitest (5.10.1)
    mixlib-cli (1.7.0)
    mixlib-shellout (2.2.7)
    multi_json (1.12.1)
    multipart-post (2.0.0)
    murmurhash3 (0.1.6)
    net-http-persistent (2.9.4)
    net-http-pipeline (1.0.1)
    net_status (0.1.3)
      i18n (~> 0.7)
    paint (1.0.1)
    parser (2.4.0.0)
      ast (~> 2.2)
    powerpack (0.1.1)
    pry (0.10.4)
      coderay (~> 1.1.0)
      method_source (~> 0.8.1)
      slop (~> 3.4)
    pry-stack_explorer (0.4.9.2)
      binding_of_caller (>= 0.7)
      pry (>= 0.9.11)
    pusher-client (0.6.2)
      json
      websocket (~> 1.0)
    rainbow (2.2.1)
    rake (10.5.0)
    recursive-open-struct (1.0.2)
    rspec (3.5.0)
      rspec-core (~> 3.5.0)
      rspec-expectations (~> 3.5.0)
      rspec-mocks (~> 3.5.0)
    rspec-core (3.5.4)
      rspec-support (~> 3.5.0)
    rspec-expectations (3.5.0)
      diff-lcs (>= 1.2.0, < 2.0)
      rspec-support (~> 3.5.0)
    rspec-mocks (3.5.0)
      diff-lcs (>= 1.2.0, < 2.0)
      rspec-support (~> 3.5.0)
    rspec-support (3.5.0)
    rubocop (0.47.1)
      parser (>= 2.3.3.1, < 3.0)
      powerpack (~> 0.1)
      rainbow (>= 1.99.1, < 3.0)
      ruby-progressbar (~> 1.7)
      unicode-display_width (~> 1.0, >= 1.0.1)
    ruby-prof (0.16.2)
    ruby-progressbar (1.8.1)
    rugged (0.24.6.1)
    simplecov (0.13.0)
      docile (~> 1.1.0)
      json (>= 1.8, < 3)
      simplecov-html (~> 0.10.0)
    simplecov-html (0.10.0)
    slop (3.6.0)
    test_construct (2.0.1)
    thread_safe (0.3.6)
    timecop (0.8.1)
    travis (1.8.6)
      backports
      faraday (~> 0.9)
      faraday_middleware (~> 0.9, >= 0.9.1)
      gh (~> 0.13)
      highline (~> 1.6)
      launchy (~> 2.1)
      pusher-client (~> 0.4)
      typhoeus (~> 0.6, >= 0.6.8)
    typhoeus (0.8.0)
      ethon (>= 0.8.0)
    tzinfo (1.2.2)
      thread_safe (~> 0.1)
    unicode-display_width (1.1.3)
    websocket (1.2.4)

PLATFORMS
  ruby

DEPENDENCIES
  activesupport (~> 4.2, >= 4.2.6)
  bundler (~> 1.7)
  codeclimate-test-reporter (~> 0.5)
  dapp!
  pry (>= 0.10.3, < 1.0)
  pry-stack_explorer (>= 0.4.9.2, < 1.0)
  rake (~> 10.0)
  recursive-open-struct (~> 1.0, >= 1.0.1)
  rspec (~> 3.4, >= 3.4.0)
  rubocop (~> 0.47.0)
  ruby-prof (>= 0.15.9, < 1.0)
  test_construct (~> 2)
  timecop (~> 0.8)
  travis (~> 1.8, >= 1.8.2)

BUNDLED WITH
   1.13.6
